GEM
  remote: https://www.rubygems.org/
  specs:
    builder (3.2.3)
    immutable-struct (2.2.2)
    jwt (1.5.6)
    multi_json (1.12.1)
    twilio-ruby (4.13.0)
      builder (>= 2.1.2)
      jwt (~> 1.0)
      multi_json (>= 1.3.0)

PLATFORMS
  ruby

DEPENDENCIES
  immutable-struct
  twilio-ruby

BUNDLED WITH
   1.11.2
